GIT
  remote: git@git.dirox.net:nhuvt/affilicates_rewrite.git
  revision: 089204d2fadd64c41bc300cdb5f77af26a962cbb
  specs:
    affiliate_rewrite (0.3.22)

GEM
  remote: https://rubygems.org/
  specs:
    abstract_type (0.0.7)
    actionmailer (4.2.10)
      actionpack (= 4.2.10)
      actionview (= 4.2.10)
      activejob (= 4.2.10)
      mail (~> 2.5, >= 2.5.4)
      rails-dom-testing (~> 1.0, >= 1.0.5)
    actionpack (4.2.10)
      actionview (= 4.2.10)
      activesupport (= 4.2.10)
      rack (~> 1.6)
      rack-test (~> 0.6.2)
      rails-dom-testing (~> 1.0, >= 1.0.5)
      rails-html-sanitizer (~> 1.0, >= 1.0.2)
    actionview (4.2.10)
      activesupport (= 4.2.10)
      builder (~> 3.1)
      erubis (~> 2.7.0)
      rails-dom-testing (~> 1.0, >= 1.0.5)
      rails-html-sanitizer (~> 1.0, >= 1.0.3)
    activejob (4.2.10)
      activesupport (= 4.2.10)
      globalid (>= 0.3.0)
    activemodel (4.2.10)
      activesupport (= 4.2.10)
      builder (~> 3.1)
    activerecord (4.2.10)
      activemodel (= 4.2.10)
      activesupport (= 4.2.10)
      arel (~> 6.0)
    activesupport (4.2.10)
      i18n (~> 0.7)
      minitest (~> 5.1)
      thread_safe (~> 0.3, >= 0.3.4)
      tzinfo (~> 1.1)
    adamantium (0.2.0)
      ice_nine (~> 0.11.0)
      memoizable (~> 0.4.0)
    addressable (2.5.2)
      public_suffix (>= 2.0.2, < 4.0)
    akami (1.3.1)
      gyoku (>= 0.4.0)
      nokogiri
    algoliasearch (1.23.2)
      httpclient (~> 2.8, >= 2.8.3)
      json (>= 1.5.1)
    anima (0.3.0)
      abstract_type (~> 0.0.7)
      adamantium (~> 0.2)
      equalizer (~> 0.0.11)
    arel (6.0.4)
    ast (2.4.0)
    awesome_print (1.8.0)
    aws-sdk (2.11.82)
      aws-sdk-resources (= 2.11.82)
    aws-sdk-core (2.11.82)
      aws-sigv4 (~> 1.0)
      jmespath (~> 1.0)
    aws-sdk-resources (2.11.82)
      aws-sdk-core (= 2.11.82)
    aws-sigv4 (1.0.3)
    better_errors (2.4.0)
      coderay (>= 1.0.0)
      erubi (>= 1.0.0)
      rack (>= 0.9.0)
    binding_of_caller (0.8.0)
      debug_inspector (>= 0.0.1)
    builder (3.2.3)
    chronic (0.10.2)
    coderay (1.1.2)
    colorize (0.8.1)
    commonjs (0.2.7)
    concord (0.1.5)
      adamantium (~> 0.2.0)
      equalizer (~> 0.0.9)
    concurrent-ruby (1.0.5)
    connection_pool (2.2.2)
    countries (2.1.4)
      i18n_data (~> 0.8.0)
      money (~> 6.9)
      sixarm_ruby_unaccent (~> 1.1)
      unicode_utils (~> 1.4)
    crack (0.4.3)
      safe_yaml (~> 1.0.0)
    crass (1.0.4)
    database_cleaner (1.7.0)
    debug_inspector (0.0.3)
    diff-lcs (1.3)
    docile (1.3.1)
    dotenv (0.7.0)
    equalizer (0.0.11)
    erubi (1.7.1)
    erubis (2.7.0)
    eventmachine (1.2.7)
    execjs (2.7.0)
    factory_girl (4.9.0)
      activesupport (>= 3.0.0)
    foreman (0.64.0)
      dotenv (~> 0.7.0)
      thor (>= 0.13.6)
    geocoder (1.4.9)
    gist (5.0.0)
    globalid (0.4.1)
      activesupport (>= 4.2.0)
    graphite-api (0.3.1)
      eventmachine (>= 0.3.3)
      zscheduler (>= 0.0.7)
    grease (0.3.1)
    gyoku (1.3.1)
      builder (>= 2.1.2)
    hashdiff (0.3.7)
    httparty (0.16.2)
      multi_xml (>= 0.5.2)
    httpclient (2.8.3)
    httpi (2.4.3)
      rack
      socksify
    i18n (0.9.5)
      concurrent-ruby (~> 1.0)
    i18n_data (0.8.0)
    ice_nine (0.11.2)
    jbuilder (2.7.0)
      activesupport (>= 4.2.0)
      multi_json (>= 1.2)
    jmespath (1.4.0)
    jquery-rails (4.3.3)
      rails-dom-testing (>= 1, < 3)
      railties (>= 4.2.0)
      thor (>= 0.14, < 2.0)
    json (1.8.6)
    less (2.6.0)
      commonjs (~> 0.2.7)
    less-rails (3.0.0)
      actionpack (>= 4.0)
      grease
      less (~> 2.6.0)
      sprockets (> 2, < 4)
      tilt
    libv8 (3.16.14.19)
    loofah (2.2.2)
      crass (~> 1.0.2)
      nokogiri (>= 1.5.9)
    mail (2.7.0)
      mini_mime (>= 0.1.1)
    memoizable (0.4.2)
      thread_safe (~> 0.3, >= 0.3.1)
    method_source (0.9.0)
    mime-types (1.25.1)
    mini_mime (1.0.0)
    mini_portile2 (2.3.0)
    minitest (5.11.3)
    money (6.11.3)
      i18n (>= 0.6.4, < 1.1)
    morpher (0.2.6)
      abstract_type (~> 0.0.7)
      adamantium (~> 0.2.0)
      anima (~> 0.3.0)
      ast (~> 2.2)
      concord (~> 0.1.5)
      equalizer (~> 0.0.9)
      ice_nine (~> 0.11.0)
      procto (~> 0.0.2)
    multi_json (1.13.1)
    multi_xml (0.6.0)
    mutant (0.8.14)
      abstract_type (~> 0.0.7)
      adamantium (~> 0.2.0)
      anima (~> 0.3.0)
      ast (~> 2.2)
      concord (~> 0.1.5)
      diff-lcs (~> 1.3)
      equalizer (~> 0.0.9)
      ice_nine (~> 0.11.1)
      memoizable (~> 0.4.2)
      morpher (~> 0.2.6)
      parallel (~> 1.3)
      parser (>= 2.3.1.4, < 2.5)
      procto (~> 0.0.2)
      regexp_parser (~> 0.4.3)
      unparser (~> 0.2.5)
    mutant-rspec (0.8.14)
      mutant (~> 0.8.14)
      rspec-core (>= 3.4.0, < 3.7.0)
    mysql2 (0.4.9)
    nokogiri (1.8.4)
      mini_portile2 (~> 2.3.0)
    nori (2.6.0)
    parallel (1.12.1)
    parser (2.4.0.2)
      ast (~> 2.3)
    procto (0.0.3)
    pry (0.11.3)
      coderay (~> 1.1.0)
      method_source (~> 0.9.0)
    public_suffix (3.0.2)
    puma (3.11.4)
    rack (1.6.10)
    rack-contrib (1.8.0)
      rack (~> 1.4)
    rack-protection (1.5.5)
      rack
    rack-test (0.6.3)
      rack (>= 1.0)
    rails (4.2.10)
      actionmailer (= 4.2.10)
      actionpack (= 4.2.10)
      actionview (= 4.2.10)
      activejob (= 4.2.10)
      activemodel (= 4.2.10)
      activerecord (= 4.2.10)
      activesupport (= 4.2.10)
      bundler (>= 1.3.0, < 2.0)
      railties (= 4.2.10)
      sprockets-rails
    rails-deprecated_sanitizer (1.0.3)
      activesupport (>= 4.2.0.alpha)
    rails-dom-testing (1.0.9)
      activesupport (>= 4.2.0, < 5.0)
      nokogiri (~> 1.6)
      rails-deprecated_sanitizer (>= 1.0.1)
    rails-html-sanitizer (1.0.4)
      loofah (~> 2.2, >= 2.2.2)
    railties (4.2.10)
      actionpack (= 4.2.10)
      activesupport (= 4.2.10)
      rake (>= 0.8.7)
      thor (>= 0.18.1, < 2.0)
    rake (12.3.1)
    rdoc (4.3.0)
    redis (4.0.1)
    ref (2.0.0)
    regexp_parser (0.4.13)
    roo (2.7.1)
      nokogiri (~> 1)
      rubyzip (~> 1.1, < 2.0.0)
    rspec-core (3.6.0)
      rspec-support (~> 3.6.0)
    rspec-expectations (3.6.0)
      diff-lcs (>= 1.2.0, < 2.0)
      rspec-support (~> 3.6.0)
    rspec-mocks (3.6.0)
      diff-lcs (>= 1.2.0, < 2.0)
      rspec-support (~> 3.6.0)
    rspec-rails (3.6.1)
      actionpack (>= 3.0)
      activesupport (>= 3.0)
      railties (>= 3.0)
      rspec-core (~> 3.6.0)
      rspec-expectations (~> 3.6.0)
      rspec-mocks (~> 3.6.0)
      rspec-support (~> 3.6.0)
    rspec-support (3.6.0)
    ruby-ole (1.2.12.1)
    ruby-progressbar (1.9.0)
    rubyzip (1.2.1)
    safe_yaml (1.0.4)
    savon (2.12.0)
      akami (~> 1.2)
      builder (>= 2.1.2)
      gyoku (~> 1.2)
      httpi (~> 2.3)
      nokogiri (>= 1.8.1)
      nori (~> 2.4)
      wasabi (~> 3.4)
    sdoc (0.4.2)
      json (~> 1.7, >= 1.7.7)
      rdoc (~> 4.0)
    shoulda-matchers (3.1.2)
      activesupport (>= 4.0.0)
    sidekiq (5.1.3)
      concurrent-ruby (~> 1.0)
      connection_pool (~> 2.2, >= 2.2.0)
      rack-protection (>= 1.5.0)
      redis (>= 3.3.5, < 5)
    simple_form (4.0.0)
      actionpack (> 4)
      activemodel (> 4)
    simplecov (0.16.1)
      docile (~> 1.1)
      json (>= 1.8, < 3)
      simplecov-html (~> 0.10.0)
    simplecov-html (0.10.2)
    sinatra (1.4.8)
      rack (~> 1.5)
      rack-protection (~> 1.4)
      tilt (>= 1.3, < 3)
    sixarm_ruby_unaccent (1.2.0)
    socksify (1.7.1)
    spreadsheet (1.1.7)
      ruby-ole (>= 1.0)
    spring (2.0.2)
      activesupport (>= 4.2)
    sprockets (3.7.2)
      concurrent-ruby (~> 1.0)
      rack (> 1, < 3)
    sprockets-rails (3.2.1)
      actionpack (>= 4.0)
      activesupport (>= 4.0)
      sprockets (>= 3.0.0)
    therubyracer (0.12.3)
      libv8 (~> 3.16.14.15)
      ref
    thor (0.20.0)
    thread_safe (0.3.6)
    tilt (2.0.8)
    transaction_isolation (1.0.5)
      activerecord (>= 3.0.11)
    transaction_retry (1.0.3)
      activerecord (>= 3.0.11)
      transaction_isolation (>= 1.0.2)
    turbolinks (5.1.1)
      turbolinks-source (~> 5.1)
    turbolinks-source (5.1.0)
    twitter-bootstrap-rails (3.2.2)
      actionpack (>= 3.1)
      execjs (>= 2.2.2, >= 2.2)
      less-rails (>= 2.5.0)
      railties (>= 3.1)
    tzinfo (1.2.5)
      thread_safe (~> 0.1)
    uglifier (4.1.14)
      execjs (>= 0.3.0, < 3)
    unicode_utils (1.4.0)
    unparser (0.2.7)
      abstract_type (~> 0.0.7)
      adamantium (~> 0.2.0)
      concord (~> 0.1.5)
      diff-lcs (~> 1.3)
      equalizer (~> 0.0.9)
      parser (>= 2.3.1.2, < 2.6)
      procto (~> 0.0.2)
    usagewatch (0.0.7)
    wasabi (3.5.0)
      httpi (~> 2.0)
      nokogiri (>= 1.4.2)
    webmock (3.4.2)
      addressable (>= 2.3.6)
      crack (>= 0.3.2)
      hashdiff
    whenever (0.10.0)
      chronic (>= 0.6.3)
    will_paginate (3.1.6)
    yomu (0.2.4)
      json (~> 1.8)
      mime-types (~> 1.23)
    zip_code_jp (0.0.6)
      nokogiri
      rubyzip
    zscheduler (0.0.8)
      eventmachine

PLATFORMS
  ruby

DEPENDENCIES
  affiliate_rewrite (>= 0.3.9)!
  algoliasearch
  awesome_print
  aws-sdk (~> 2.0)
  better_errors
  binding_of_caller
  colorize
  countries
  database_cleaner
  factory_girl
  foreman
  geocoder
  gist
  graphite-api
  httparty
  jbuilder (~> 2.0)
  jquery-rails
  mail
  mutant-rspec
  mysql2 (< 0.5)
  nokogiri
  pry
  puma
  rack-contrib
  rails (~> 4.2)
  redis
  roo
  rspec-rails
  ruby-progressbar
  rubyzip
  savon
  sdoc (~> 0.4.0)
  shoulda-matchers
  sidekiq
  simple_form
  simplecov
  sinatra
  spreadsheet
  spring
  therubyracer
  transaction_retry
  turbolinks
  twitter-bootstrap-rails
  uglifier (>= 1.3.0)
  usagewatch
  webmock
  whenever
  will_paginate
  yomu
  zip_code_jp

RUBY VERSION
   ruby 2.2.5p319

BUNDLED WITH
   1.16.2
